GEM
  remote: https://rubygems.org/
  specs:
    base64 (0.3.0)
    bson (5.1.1)
    dotenv (3.1.8)
    json (2.13.0)
    logger (1.7.0)
    mongo (2.21.2)
      base64
      bson (>= 4.14.1, < 6.0.0)
    mustermann (3.0.3)
      ruby2_keywords (~> 0.0.1)
    rack (3.1.16)
    rack-protection (4.1.1)
      base64 (>= 0.1.0)
      logger (>= 1.6.0)
      rack (>= 3.0.0, < 4)
    rack-session (2.1.1)
      base64 (>= 0.1.0)
      rack (>= 3.0.0)
    ruby2_keywords (0.0.5)
    sinatra (4.1.1)
      logger (>= 1.6.0)
      mustermann (~> 3.0)
      rack (>= 3.0.0, < 4)
      rack-protection (= 4.1.1)
      rack-session (>= 2.0.0, < 3)
      tilt (~> 2.0)
    sinatra-cross_origin (0.4.0)
    tilt (2.6.1)

PLATFORMS
  x64-mingw-ucrt

DEPENDENCIES
  dotenv
  json
  mongo
  sinatra
  sinatra-cross_origin

RUBY VERSION
   ruby 3.4.4p34

BUNDLED WITH
   2.7.0
